GEM
  remote: https://rubygems.org/
  specs:
    colorize (1.1.0)
    nokogiri (1.16.0-x86_64-linux)
      racc (~> 1.4)
    racc (1.7.3)

PLATFORMS
  x86_64-linux

DEPENDENCIES
  colorize
  nokogiri

BUNDLED WITH
   2.4.20
